GEM
  remote: https://rubygems.org/
  specs:
    haml (4.0.7)
      tilt
    json (1.8.1)
    rack (1.6.4)
    rack-protection (1.5.3)
      rack
    rake (10.4.2)
    redis (3.3.0)
    sinatra (1.4.7)
      rack (~> 1.5)
      rack-protection (~> 1.4)
      tilt (>= 1.3, < 3)
    tilt (2.0.5)

PLATFORMS
  ruby
  x64-mingw32

DEPENDENCIES
  haml
  json
  rake
  redis
  sinatra

RUBY VERSION
   ruby 2.2.4p230

BUNDLED WITH
   1.12.5
